PATH
  remote: .
  specs:
    fist (1.0.0)

GEM
  remote: https://rubygems.org/
  specs:
    minitest (5.11.3)
    rake (13.0.1)

PLATFORMS
  ruby

DEPENDENCIES
  bundler (~> 1.17)
  fist!
  minitest
  rake (~> 13.0)

BUNDLED WITH
   1.17.2
